GEM
  remote: https://rubygems.org/
  specs:
    KirbyBase (2.6.1)

PLATFORMS
  x64-mingw32

DEPENDENCIES
  KirbyBase
