GEM
  remote: https://rubygems.org/
  specs:
    unicode (0.4.4.1)

PLATFORMS
  x64-mingw32

DEPENDENCIES
  unicode
