GEM
  remote: https://rubygems.org/
  specs:
    ZenTest (4.10.1)

PLATFORMS
  x86-mingw32

DEPENDENCIES
  ZenTest
