GEM
  remote: https://rubygems.org/
  specs:
    memoist (0.9.3)

PLATFORMS
  x64-mingw32

DEPENDENCIES
  memoist
