GEM
  remote: https://rubygems.org/
  specs:
    color (1.7.1)
    pdf-writer (1.1.8)
      color (>= 1.4.0)
      transaction-simple (~> 1.3)
    transaction-simple (1.4.0.2)

PLATFORMS
  x86-mingw32

DEPENDENCIES
  pdf-writer
